PATH
  remote: .
  specs:
    rack-in-app-purchase (0.2.0)
      rack (~> 1.4, < 2.0.0)
      sequel (~> 3.37)
      sinatra (~> 1.3)
      venice

GEM
  remote: https://rubygems.org/
  specs:
    commander (4.4.7)
      highline (~> 2.0.0)
    diff-lcs (1.3)
    highline (2.0.2)
    json (2.2.0)
    rack (1.6.11)
    rack-protection (1.5.5)
      rack
    rake (12.3.2)
    rspec (3.8.0)
      rspec-core (~> 3.8.0)
      rspec-expectations (~> 3.8.0)
      rspec-mocks (~> 3.8.0)
    rspec-core (3.8.2)
      rspec-support (~> 3.8.0)
    rspec-expectations (3.8.4)
      diff-lcs (>= 1.2.0, < 2.0)
      rspec-support (~> 3.8.0)
    rspec-mocks (3.8.1)
      diff-lcs (>= 1.2.0, < 2.0)
      rspec-support (~> 3.8.0)
    rspec-support (3.8.2)
    sequel (3.48.0)
    sinatra (1.4.8)
      rack (~> 1.5)
      rack-protection (~> 1.4)
      tilt (>= 1.3, < 3)
    terminal-table (1.8.0)
      unicode-display_width (~> 1.1, >= 1.1.1)
    tilt (2.0.9)
    unicode-display_width (1.6.0)
    venice (0.5.0)
      commander (~> 4.1)
      json
      terminal-table (~> 1.4)

PLATFORMS
  ruby

DEPENDENCIES
  rack-in-app-purchase!
  rake
  rspec

BUNDLED WITH
   2.0.1
